GEM
  remote: http://rubygems.org/
  specs:
    bitcoin-client (0.0.1)
      rest-client (= 1.6.3)
    daemons (1.1.9)
    eventmachine (1.0.3)
    haml (4.0.3)
      tilt
    mime-types (1.24)
    rack (1.5.2)
    rack-protection (1.5.0)
      rack
    rest-client (1.6.3)
      mime-types (>= 1.16)
    sinatra (1.4.3)
      rack (~> 1.4)
      rack-protection (~> 1.4)
      tilt (~> 1.3, >= 1.3.4)
    thin (1.5.1)
      daemons (>= 1.0.9)
      eventmachine (>= 0.12.6)
      rack (>= 1.0.0)
    tilt (1.4.1)

PLATFORMS
  ruby

DEPENDENCIES
  bitcoin-client
  haml
  sinatra
  thin
